GEM
  remote: https://rubygems.org/
  specs:
    addressable (2.3.2)
    crack (0.3.1)
    git (1.2.5)
    iron_core (0.5.1)
      rest (>= 2.2.0)
    iron_mq (2.1.3)
      iron_core (>= 0.4.2)
    jeweler (1.6.4)
      bundler (~> 1.0)
      git (>= 1.2.5)
      rake
    metaclass (0.0.1)
    mime-types (1.22)
    mocha (0.12.0)
      metaclass (~> 0.0.1)
    multi_json (1.7.2)
    net-http-persistent (2.8)
    patron (0.4.18)
    rake (0.9.2.2)
    rest (2.2.0)
      net-http-persistent
      rest-client (>= 0.3.0)
    rest-client (1.6.7)
      mime-types (>= 1.16)
    shoulda (2.11.3)
    simplecov (0.7.1)
      multi_json (~> 1.0)
      simplecov-html (~> 0.7.1)
    simplecov-html (0.7.1)
    test-unit (2.5.0)
    vcr (2.4.0)
    webmock (1.8.10)
      addressable (>= 2.2.7)
      crack (>= 0.1.7)

PLATFORMS
  ruby

DEPENDENCIES
  bundler
  iron_mq
  jeweler (~> 1.6.4)
  mocha (= 0.12.0)
  patron
  shoulda
  simplecov
  test-unit (= 2.5.0)
  vcr
  webmock
