GEM
  remote: http://rubygems.org/
  specs:
    git (1.2.5)
    jeweler (1.6.4)
      bundler (~> 1.0)
      git (>= 1.2.5)
      rake
    metaclass (0.0.1)
    mocha (0.12.0)
      metaclass (~> 0.0.1)
    patron (0.4.17)
    rake (0.9.2.2)
    rcov (0.9.11)
    shoulda (2.11.3)
    test-unit (2.5.0)
    vcr (2.0.1)

PLATFORMS
  ruby

DEPENDENCIES
  bundler (~> 1.0.0)
  jeweler (~> 1.6.4)
  mocha (= 0.12.0)
  patron
  rcov
  shoulda
  test-unit (= 2.5.0)
  vcr
